GIT
  remote: git://github.com/fgrehm/vagrant-cachier.git
  revision: 5f30e3c9da53b25fa239b28871f0007a6de64221
  specs:
    vagrant-cachier (0.3.0.dev)

GIT
  remote: git://github.com/fgrehm/vagrant-lxc.git
  revision: 5ae82681cdedaf2a6f778e005dd65014fc7c2cec
  specs:
    vagrant-lxc (0.5.1.dev)

GIT
  remote: git://github.com/fgrehm/vagrant-pristine.git
  revision: 5c400d7850fc5f98d9601b59f4c3bd74818650de
  specs:
    vagrant-pristine (0.2.0)

GIT
  remote: git://github.com/mitchellh/vagrant.git
  revision: 16002d03c07f842a23497543129fa99f40f2bbc0
  specs:
    vagrant (1.2.8.dev)
      childprocess (~> 0.3.7)
      erubis (~> 2.7.0)
      i18n (~> 0.6.0)
      log4r (~> 1.1.9)
      net-scp (~> 1.1.0)
      net-ssh (~> 2.6.6)

PATH
  remote: .
  specs:
    vagrant-global-status (0.1.3.dev)

GEM
  remote: https://rubygems.org/
  specs:
    childprocess (0.3.9)
      ffi (~> 1.0, >= 1.0.11)
    erubis (2.7.0)
    ffi (1.9.0)
    i18n (0.6.4)
    log4r (1.1.10)
    net-scp (1.1.2)
      net-ssh (>= 2.6.5)
    net-ssh (2.6.8)
    rake (10.1.0)

PLATFORMS
  ruby

DEPENDENCIES
  bundler (~> 1.3)
  rake
  vagrant!
  vagrant-cachier!
  vagrant-global-status!
  vagrant-lxc!
  vagrant-pristine!
